GIT
  remote: https://github.com/bpaquet/figaro.git
  revision: fd7566157252e7bb090bbef32e4e377091deb003
  branch: sinatra
  specs:
    figaro (1.1.1)
      thor (~> 0.14)

GEM
  remote: https://rubygems.org/
  specs:
    daemons (1.3.1)
    eventmachine (1.2.7)
    faraday (0.17.0)
      multipart-post (>= 1.2, < 3)
    multipart-post (2.1.1)
    mustermann (1.0.3)
    rack (2.0.7)
    rack-protection (2.0.7)
      rack
    sinatra (2.0.7)
      mustermann (~> 1.0)
      rack (~> 2.0)
      rack-protection (= 2.0.7)
      tilt (~> 2.0)
    thin (1.7.2)
      daemons (~> 1.0, >= 1.0.9)
      eventmachine (~> 1.0, >= 1.0.4)
      rack (>= 1, < 3)
    thor (0.20.3)
    tilt (2.0.10)

PLATFORMS
  ruby

DEPENDENCIES
  faraday
  figaro!
  sinatra
  thin

BUNDLED WITH
   2.0.2
